PATH
  remote: .
  specs:
    phrase (0.3.5)
      colorize
      json

GEM
  remote: https://rubygems.org/
  specs:
    addressable (2.2.8)
    colorize (0.5.8)
    crack (0.3.1)
    diff-lcs (1.1.3)
    i18n (0.6.0)
    json (1.7.6)
    rake (10.0.3)
    rspec (2.11.0)
      rspec-core (~> 2.11.0)
      rspec-expectations (~> 2.11.0)
      rspec-mocks (~> 2.11.0)
    rspec-core (2.11.1)
    rspec-expectations (2.11.3)
      diff-lcs (~> 1.1.3)
    rspec-mocks (2.11.3)
    timecop (0.4.5)
    vcr (2.2.1)
    webmock (1.8.7)
      addressable (>= 2.2.7)
      crack (>= 0.1.7)

PLATFORMS
  ruby

DEPENDENCIES
  i18n
  phrase!
  rake
  rspec
  timecop
  vcr
  webmock
